GIT
  remote: https://github.com/hinamiyagk/kcna.rb
  revision: 30be47a54e8eba0bf6f131ee6b1034881b7b55cf
  specs:
    kcna (0.3.0)
      httpclient (~> 2.8)
      oga (~> 2.10)

GEM
  remote: https://rubygems.org/
  specs:
    ansi (1.5.0)
    ast (2.3.0)
    httpclient (2.8.3)
    oga (2.11)
      ast
      ruby-ll (~> 2.1)
    ruby-ll (2.1.2)
      ansi
      ast

PLATFORMS
  ruby

DEPENDENCIES
  kcna!

BUNDLED WITH
   1.15.4
