GIT
  remote: https://github.com/hinamiyagk/kcna.rb
  revision: 8e8a3e07d6cb96747805573a465fe9572f75385c
  specs:
    kcna (0.2.0)
      httpclient (~> 2.8)
      oga (~> 2.10)

GEM
  remote: https://rubygems.org/
  specs:
    ansi (1.5.0)
    ast (2.3.0)
    httpclient (2.8.3)
    oga (2.10)
      ast
      ruby-ll (~> 2.1)
    ruby-ll (2.1.2)
      ansi
      ast

PLATFORMS
  ruby

DEPENDENCIES
  kcna!

BUNDLED WITH
   1.15.1
